GEM
  remote: http://rubygems.org/
  specs:
    rake (10.0.0)

PLATFORMS
  ruby

DEPENDENCIES
  rake (~> 10.0.0)
